GEM
  remote: https://rubygems.org/
  specs:
    ast (2.4.0)
    byebug (11.0.1)
    coderay (1.1.2)
    haml (5.1.1)
      temple (>= 0.8.0)
      tilt
    method_source (0.9.2)
    opal (1.0.0)
      ast (>= 2.3.0)
      parser (= 2.5.3.0)
    opal-jquery (0.4.4)
      opal (>= 0.10.0, < 1.1)
    parser (2.5.3.0)
      ast (~> 2.4.0)
    pry (0.12.2)
      coderay (~> 1.1.0)
      method_source (~> 0.9.0)
    pry-byebug (3.7.0)
      byebug (~> 11.0)
      pry (~> 0.10)
    rake (12.3.2)
    temple (0.8.1)
    tilt (2.0.9)

PLATFORMS
  ruby

DEPENDENCIES
  haml (~> 5.1)
  opal (~> 1.0)
  opal-jquery (~> 0.4.4)
  pry-byebug (~> 3.7)
  rake (~> 12.3)

BUNDLED WITH
   1.17.2
